STORAGE: NONE
RESTRICTION: == net8.0
NUGET
  remote: https://api.nuget.org/v3/index.json
    ARCtrl (1.0.6)
      ARCtrl.Contract (>= 1.0.6)
      ARCtrl.CWL (>= 1.0.6)
      ARCtrl.FileSystem (>= 1.0.6)
      ARCtrl.ISA (>= 1.0.6)
      ARCtrl.ISA.Json (>= 1.0.6)
      ARCtrl.ISA.Spreadsheet (>= 1.0.6)
      Fable.Fetch (>= 2.6)
      Fable.SimpleHttp (>= 3.5)
      FSharp.Core (>= 6.0.6)
    ARCtrl.Contract (1.0.6)
      ARCtrl.ISA (>= 1.0.6)
      FSharp.Core (>= 6.0.6)
    ARCtrl.CWL (1.0.6)
      FSharp.Core (>= 6.0.6)
    ARCtrl.FileSystem (1.0.6)
      Fable.Core (>= 4.2)
      FSharp.Core (>= 6.0.6)
    ARCtrl.ISA (1.0.6)
      ARCtrl.FileSystem (>= 1.0.6)
      FSharp.Core (>= 6.0.6)
    ARCtrl.ISA.Json (1.0.6)
      ARCtrl.ISA (>= 1.0.6)
      FSharp.Core (>= 6.0.6)
      NJsonSchema (>= 10.8)
      Thoth.Json (>= 10.1)
      Thoth.Json.Net (>= 11.0)
    ARCtrl.ISA.Spreadsheet (1.0.6)
      ARCtrl.FileSystem (>= 1.0.6)
      ARCtrl.ISA (>= 1.0.6)
      FSharp.Core (>= 6.0.6)
      FsSpreadsheet (>= 5.1.1)
    ExcelJS.Fable (0.3)
      Fable.Core (>= 3.2.8)
      Fable.React (>= 7.4.1)
      FSharp.Core (>= 5.0)
    Expecto (9.0.4)
      FSharp.Core (>= 4.6)
      Mono.Cecil (>= 0.11.3)
    Fable.AST (4.3)
    Fable.Browser.Blob (1.3)
      Fable.Core (>= 3.0)
      FSharp.Core (>= 4.7.2)
    Fable.Browser.Dom (2.15)
      Fable.Browser.Blob (>= 1.3)
      Fable.Browser.Event (>= 1.5)
      Fable.Browser.WebStorage (>= 1.2)
      Fable.Core (>= 3.2.8)
      FSharp.Core (>= 4.7.2)
    Fable.Browser.Event (1.5)
      Fable.Browser.Gamepad (>= 1.1)
      Fable.Core (>= 3.0)
      FSharp.Core (>= 4.7.2)
    Fable.Browser.Gamepad (1.2)
      Fable.Core (>= 3.0)
      FSharp.Core (>= 4.7.2)
    Fable.Browser.MediaQueryList (1.4)
      Fable.Browser.Dom (>= 2.11)
      Fable.Browser.Event (>= 1.5)
      Fable.Core (>= 3.0)
      FSharp.Core (>= 4.7.2)
    Fable.Browser.WebStorage (1.2)
      Fable.Browser.Event (>= 1.5)
      Fable.Core (>= 3.0)
      FSharp.Core (>= 4.7.2)
    Fable.Browser.XMLHttpRequest (1.3)
      Fable.Browser.Blob (>= 1.3)
      Fable.Browser.Event (>= 1.5)
      Fable.Core (>= 3.0)
      FSharp.Core (>= 4.7.2)
    Fable.Core (4.3)
    Fable.Elmish (4.1)
      Fable.Core (>= 3.7.1)
      FSharp.Core (>= 4.7.2)
    Fable.Elmish.Browser (4.0.3)
      Fable.Browser.Dom (>= 2.14)
      Fable.Elmish (>= 4.1)
      Fable.Elmish.UrlParser (>= 1.0.2)
      FSharp.Core (>= 4.7.2)
    Fable.Elmish.Debugger (4.0)
      Fable.Elmish (>= 4.0)
      FSharp.Core (>= 6.0.7)
      Thoth.Json (>= 6.0)
    Fable.Elmish.HMR (7.0)
      Fable.Core (>= 3.7.1)
      Fable.Elmish.React (>= 4.0)
      FSharp.Core (>= 4.7.2)
    Fable.Elmish.React (4.0)
      Fable.Elmish (>= 4.0)
      Fable.ReactDom.Types (>= 18.0)
      FSharp.Core (>= 4.7.2)
    Fable.Elmish.UrlParser (1.0.2)
      FSharp.Core (>= 4.7.2)
    Fable.Exceljs (1.6)
      Fable.Core (>= 4.0)
      FSharp.Core (>= 6.0.7)
    Fable.Fetch (2.6)
      Fable.Browser.Blob (>= 1.2)
      Fable.Browser.Event (>= 1.5)
      Fable.Core (>= 3.7.1)
      Fable.Promise (>= 2.2.2)
      FSharp.Core (>= 4.7.2)
    Fable.Mocha (2.17)
      Fable.Core (>= 3.0)
      FSharp.Core (>= 4.7)
    Fable.Parsimmon (4.1)
      Fable.Core (>= 3.0)
      FSharp.Core (>= 4.6.2)
    Fable.Promise (3.2)
      Fable.Core (>= 3.7.1)
      FSharp.Core (>= 4.7.2)
    Fable.React (9.3)
      Fable.React.Types (>= 18.3)
      Fable.ReactDom.Types (>= 18.2)
      FSharp.Core (>= 4.7.2)
    Fable.React.Types (18.3)
      Fable.Browser.Dom (>= 2.4.4)
      Fable.Core (>= 3.2.7)
      FSharp.Core (>= 4.7.2)
    Fable.ReactDom.Types (18.2)
      Fable.React.Types (>= 18.3)
      FSharp.Core (>= 4.7.2)
    Fable.Remoting.Client (7.30)
      Fable.Browser.XMLHttpRequest (>= 1.0)
      Fable.Core (>= 3.1.5)
      Fable.Remoting.MsgPack (>= 1.21)
      Fable.SimpleJson (>= 3.24)
      FSharp.Core (>= 4.7.2)
    Fable.Remoting.Giraffe (5.18)
      Fable.Remoting.Server (>= 5.36)
      FSharp.Core (>= 6.0)
      Giraffe (>= 5.0)
      Microsoft.IO.RecyclableMemoryStream (>= 3.0 < 4.0)
    Fable.Remoting.Json (2.23)
      FSharp.Core (>= 6.0)
      Newtonsoft.Json (>= 12.0.2)
    Fable.Remoting.MsgPack (1.21)
      FSharp.Core (>= 4.7.2)
    Fable.Remoting.Server (5.36)
      Fable.Remoting.Json (>= 2.23)
      Fable.Remoting.MsgPack (>= 1.21)
      FSharp.Core (>= 6.0)
      Microsoft.IO.RecyclableMemoryStream (>= 3.0 < 4.0)
    Fable.SimpleHttp (3.6)
      Fable.Browser.Dom (>= 1.0)
      Fable.Browser.XMLHttpRequest (>= 1.1)
      Fable.Core (>= 3.0)
      FSharp.Core (>= 4.6.2)
    Fable.SimpleJson (3.24)
      Fable.Core (>= 3.1.5)
      Fable.Parsimmon (>= 4.0)
      FSharp.Core (>= 4.7)
    Fable.SimpleXml (3.4)
      Fable.Core (>= 3.0)
      Fable.Parsimmon (>= 4.1)
      FSharp.Core (>= 4.6.2)
    Feliz (2.7)
      Fable.ReactDom.Types (>= 18.2)
      Feliz.CompilerPlugins (>= 2.2)
      FSharp.Core (>= 4.7.2)
    Feliz.Bulma (3.0)
      Feliz (>= 2.4)
      FSharp.Core (>= 4.7.2)
    Feliz.Bulma.Checkradio (3.0)
      Feliz (>= 2.4)
      Feliz.Bulma (>= 3.0)
      FSharp.Core (>= 4.7.2)
    Feliz.Bulma.Switch (3.0)
      Feliz (>= 2.4)
      Feliz.Bulma (>= 3.0)
      FSharp.Core (>= 4.7.2)
    Feliz.CompilerPlugins (2.2)
      Fable.AST (>= 4.2.1)
      FSharp.Core (>= 4.7.2)
    Feliz.ElmishComponents (1.2)
      Feliz.UseElmish (>= 1.2.1)
      FSharp.Core (>= 4.7)
    Feliz.UseElmish (2.5)
      Fable.Elmish (>= 4.0)
      FSharp.Core (>= 4.7.2)
    FSharp.Control.Websockets (0.2.3)
      FSharp.Core (>= 6.0)
      Microsoft.IO.RecyclableMemoryStream (>= 2.2.1)
    FSharp.Core (8.0.101)
    FsSpreadsheet (5.1.1)
      Fable.Core (>= 4.0)
      FSharp.Core (>= 6.0.6)
    FsSpreadsheet.Exceljs (5.1.1)
      Fable.Exceljs (>= 1.6)
      Fable.Promise (>= 3.2)
      FSharp.Core (>= 6.0.6)
      FsSpreadsheet (>= 5.1.1)
    Giraffe (6.2)
      FSharp.Core (>= 6.0)
      Giraffe.ViewEngine (>= 1.4)
      Microsoft.IO.RecyclableMemoryStream (>= 2.2.1)
      Newtonsoft.Json (>= 13.0.3)
      System.Text.Json (>= 7.0.3)
    Giraffe.ViewEngine (1.4)
      FSharp.Core (>= 5.0)
    Microsoft.AspNetCore.Authentication.JwtBearer (6.0.26)
      Microsoft.IdentityModel.Protocols.OpenIdConnect (>= 6.35)
    Microsoft.Bcl.AsyncInterfaces (8.0)
    Microsoft.CSharp (4.7)
    Microsoft.Extensions.Configuration (8.0)
      Microsoft.Extensions.Configuration.Abstractions (>= 8.0)
      Microsoft.Extensions.Primitives (>= 8.0)
    Microsoft.Extensions.Configuration.Abstractions (8.0)
      Microsoft.Extensions.Primitives (>= 8.0)
    Microsoft.Extensions.Configuration.FileExtensions (8.0)
      Microsoft.Extensions.Configuration (>= 8.0)
      Microsoft.Extensions.Configuration.Abstractions (>= 8.0)
      Microsoft.Extensions.FileProviders.Abstractions (>= 8.0)
      Microsoft.Extensions.FileProviders.Physical (>= 8.0)
      Microsoft.Extensions.Primitives (>= 8.0)
    Microsoft.Extensions.Configuration.Json (8.0)
      Microsoft.Extensions.Configuration (>= 8.0)
      Microsoft.Extensions.Configuration.Abstractions (>= 8.0)
      Microsoft.Extensions.Configuration.FileExtensions (>= 8.0)
      Microsoft.Extensions.FileProviders.Abstractions (>= 8.0)
      System.Text.Json (>= 8.0)
    Microsoft.Extensions.Configuration.UserSecrets (8.0)
      Microsoft.Extensions.Configuration.Abstractions (>= 8.0)
      Microsoft.Extensions.Configuration.Json (>= 8.0)
      Microsoft.Extensions.FileProviders.Abstractions (>= 8.0)
      Microsoft.Extensions.FileProviders.Physical (>= 8.0)
    Microsoft.Extensions.FileProviders.Abstractions (8.0)
      Microsoft.Extensions.Primitives (>= 8.0)
    Microsoft.Extensions.FileProviders.Physical (8.0)
      Microsoft.Extensions.FileProviders.Abstractions (>= 8.0)
      Microsoft.Extensions.FileSystemGlobbing (>= 8.0)
      Microsoft.Extensions.Primitives (>= 8.0)
    Microsoft.Extensions.FileSystemGlobbing (8.0)
    Microsoft.Extensions.Primitives (8.0)
    Microsoft.IdentityModel.Abstractions (7.2)
    Microsoft.IdentityModel.JsonWebTokens (7.2)
      Microsoft.IdentityModel.Tokens (>= 7.2)
    Microsoft.IdentityModel.Logging (7.2)
      Microsoft.IdentityModel.Abstractions (>= 7.2)
    Microsoft.IdentityModel.Protocols (7.2)
      Microsoft.IdentityModel.Logging (>= 7.2)
      Microsoft.IdentityModel.Tokens (>= 7.2)
    Microsoft.IdentityModel.Protocols.OpenIdConnect (7.2)
      Microsoft.IdentityModel.Protocols (>= 7.2)
      System.IdentityModel.Tokens.Jwt (>= 7.2)
    Microsoft.IdentityModel.Tokens (7.2)
      Microsoft.IdentityModel.Logging (>= 7.2)
    Microsoft.IO.RecyclableMemoryStream (3.0)
    Mono.Cecil (0.11.5)
    Namotion.Reflection (3.1.1)
      Microsoft.CSharp (>= 4.3)
    Neo4j.Driver (5.16)
      Microsoft.Bcl.AsyncInterfaces (>= 5.0)
      System.IO.Pipelines (>= 7.0)
      System.ValueTuple (>= 4.5)
    Newtonsoft.Json (13.0.3)
    NJsonSchema (11.0)
      Namotion.Reflection (>= 3.1.1)
      Newtonsoft.Json (>= 13.0.3)
      NJsonSchema.Annotations (>= 11.0)
    NJsonSchema.Annotations (11.0)
    Saturn (0.16.1)
      FSharp.Control.Websockets (>= 0.2.2)
      Giraffe (>= 6.0)
      Microsoft.AspNetCore.Authentication.JwtBearer (>= 6.0.3)
    System.IdentityModel.Tokens.Jwt (7.2)
      Microsoft.IdentityModel.JsonWebTokens (>= 7.2)
      Microsoft.IdentityModel.Tokens (>= 7.2)
    System.IO.Pipelines (8.0)
    System.Text.Encodings.Web (8.0)
    System.Text.Json (8.0.1)
      System.Text.Encodings.Web (>= 8.0)
    System.ValueTuple (4.5)
    Thoth.Elmish.Debouncer (2.0)
      Fable.Core (>= 4.0)
      Fable.Elmish (>= 4.0.1)
      Fable.Promise (>= 3.2)
      Fable.React (>= 9.3)
      FSharp.Core (>= 7.0.200)
    Thoth.Json (10.2)
      Fable.Core (>= 3.6.2)
      FSharp.Core (>= 4.7.2)
    Thoth.Json.Net (11.0)
      Fable.Core (>= 3.1.6)
      FSharp.Core (>= 4.7.2)
      Newtonsoft.Json (>= 11.0.2)
