STORAGE: NONE
RESTRICTION: == net5.0
NUGET
  remote: https://api.nuget.org/v3/index.json
    BouncyCastle.NetCore (1.8.8)
    Cyjs.NET (0.0.4)
      DynamicObj (>= 0.0.3)
      FSharp.Core (>= 5.0)
      Newtonsoft.Json (>= 12.0.3)
    DocumentFormat.OpenXml (2.13.1)
      System.IO.Packaging (>= 4.7)
    DynamicObj (0.2.1)
      FSharp.Core (>= 5.0)
      Newtonsoft.Json (>= 13.0.1)
    ExcelJS.Fable (0.3)
      Fable.Core (>= 3.2.8)
      Fable.React (>= 7.4.1)
      FSharp.Core (>= 5.0)
    Expecto (9.0.2)
      FSharp.Core (>= 4.6)
      Mono.Cecil (>= 0.11.2)
    Fable.Browser.Blob (1.1.4)
      Fable.Core (>= 3.0)
      FSharp.Core (>= 4.7.2)
    Fable.Browser.Dom (2.4.4)
      Fable.Browser.Blob (>= 1.1.4)
      Fable.Browser.Event (>= 1.4.4)
      Fable.Browser.WebStorage (>= 1.0.4)
      Fable.Core (>= 3.0)
      FSharp.Core (>= 4.7.2)
    Fable.Browser.Event (1.4.5)
      Fable.Browser.Gamepad (>= 1.0.3)
      Fable.Core (>= 3.0)
      FSharp.Core (>= 4.7.2)
    Fable.Browser.Gamepad (1.0.3)
      Fable.Core (>= 3.0)
      FSharp.Core (>= 4.7.2)
    Fable.Browser.MediaQueryList (1.1.5)
      Fable.Browser.Dom (>= 2.4.4)
      Fable.Browser.Event (>= 1.4.4)
      Fable.Core (>= 3.0)
      FSharp.Core (>= 4.7.2)
    Fable.Browser.WebStorage (1.0.4)
      Fable.Browser.Event (>= 1.4.4)
      Fable.Core (>= 3.0)
      FSharp.Core (>= 4.7.2)
    Fable.Browser.XMLHttpRequest (1.1.6)
      Fable.Browser.Blob (>= 1.1.4)
      Fable.Browser.Event (>= 1.4.4)
      Fable.Core (>= 3.0)
      FSharp.Core (>= 4.7.2)
    Fable.Core (3.2.8)
      FSharp.Core (>= 4.7.2)
    Fable.Elmish (3.1)
      Fable.Core (>= 3.0)
      FSharp.Core (>= 4.6.2)
    Fable.Elmish.Browser (3.0.4)
      Fable.Browser.Dom (>= 1.0)
      Fable.Core (>= 3.0)
      Fable.Elmish (>= 3.0)
      FSharp.Core (>= 4.6.2)
    Fable.Elmish.Debugger (3.3)
      Fable.Core (>= 3.2.8)
      Fable.Elmish (>= 3.0)
      FSharp.Core (>= 4.7.2)
      Thoth.Json (>= 6.0)
    Fable.Elmish.HMR (4.1)
      Fable.Core (>= 3.0)
      Fable.Elmish.Browser (>= 3.0.4)
      Fable.Elmish.React (>= 3.0.1)
      FSharp.Core (>= 4.6.2)
    Fable.Elmish.React (3.0.1)
      Fable.Core (>= 3.0)
      Fable.Elmish (>= 3.0)
      Fable.React (>= 5.1)
      FSharp.Core (>= 4.6.2)
    Fable.FontAwesome (2.0)
      Fable.Core (>= 3.0)
      Fable.React (>= 5.1)
    Fable.FontAwesome.Free (2.1)
      Fable.Core (>= 3.0)
      Fable.FontAwesome (>= 2.0)
      Fable.React (>= 5.1)
    Fable.Mocha (2.10)
      Fable.Core (>= 3.0)
      FSharp.Core (>= 4.7)
    Fable.Parsimmon (4.1)
      Fable.Core (>= 3.0)
      FSharp.Core (>= 4.6.2)
    Fable.Promise (2.2.2)
      Fable.Core (>= 3.1.5)
      FSharp.Core (>= 4.7.2)
    Fable.React (7.4.1)
      Fable.Browser.Dom (>= 2.4.4)
      Fable.Core (>= 3.2.7)
      FSharp.Core (>= 4.7.2)
    Fable.Remoting.Client (7.16)
      Fable.Browser.XMLHttpRequest (>= 1.0)
      Fable.Core (>= 3.1.5)
      Fable.Remoting.MsgPack (>= 1.13)
      Fable.SimpleJson (>= 3.21)
      FSharp.Core (>= 4.7)
    Fable.Remoting.Giraffe (5.4)
      Fable.Remoting.Server (>= 5.24)
      FSharp.Core (>= 5.0)
      Giraffe (>= 5.0)
    Fable.Remoting.Json (2.18)
      FSharp.Core (>= 4.7.2)
      Newtonsoft.Json (>= 12.0.2)
    Fable.Remoting.MsgPack (1.13)
      FSharp.Core (>= 4.7.2)
    Fable.Remoting.Server (5.24)
      Fable.Remoting.Json (>= 2.18)
      Fable.Remoting.MsgPack (>= 1.13)
      FSharp.Core (>= 4.7.2)
    Fable.SimpleJson (3.21)
      Fable.Core (>= 3.1.5)
      Fable.Parsimmon (>= 4.0)
      FSharp.Core (>= 4.7)
    Fable.SimpleXml (3.3)
      Fable.Core (>= 3.0)
      Fable.Parsimmon (>= 4.1)
      FSharp.Core (>= 4.6.2)
    FSharp.Control.Websockets (0.2.2)
      FSharp.Core (>= 4.3.4)
      Microsoft.IO.RecyclableMemoryStream (>= 1.2.2)
    FSharp.Core (5.0.2)
    FSharp.Data (4.2)
      FSharp.Core (>= 4.7.2)
    FSharp.SystemTextJson (0.17.4)
      FSharp.Core (>= 4.7)
      System.Text.Json (>= 4.6)
    FSharpSpreadsheetML (0.0.7)
      DocumentFormat.OpenXml (>= 2.12.3)
      FSharp.Core (>= 5.0.1)
    Fulma (2.14.1)
      Fable.Core (>= 3.2.6)
      Fable.React (>= 7.4)
    Fulma.Extensions.Wikiki.Checkradio (2.0.1)
      Fable.Core (>= 3.0)
      Fable.React (>= 5.1)
      Fulma (>= 2.1.1)
    Fulma.Extensions.Wikiki.Slider (2.0.1)
      Fable.Core (>= 3.0)
      Fable.React (>= 5.1)
      Fulma (>= 2.1.1)
    Fulma.Extensions.Wikiki.Switch (2.0.2)
      Fable.Core (>= 3.0)
      Fable.React (>= 5.1)
      Fulma (>= 2.1.1)
    Fulma.Extensions.Wikiki.Tooltip (3.0)
      Fable.Core (>= 3.0)
      Fable.React (>= 5.1)
      Fulma (>= 2.3)
    Giraffe (5.0)
      FSharp.Core (>= 5.0)
      Giraffe.ViewEngine (>= 1.3)
      Microsoft.IO.RecyclableMemoryStream (>= 1.3.6)
      Newtonsoft.Json (>= 12.0.3)
      Ply (>= 0.3.1)
      System.Text.Json (>= 5.0.2)
      Utf8Json (>= 1.3.7)
    Giraffe.ViewEngine (1.4)
      FSharp.Core (>= 5.0)
    Google.Protobuf (3.17.3)
    ISADotNet (0.4.0-preview.1)
      FSharp.Core (>= 5.0.1)
      FSharp.SystemTextJson (>= 0.16.6)
      System.Text.Encodings.Web (>= 5.0)
      System.Text.Json (>= 5.0.1)
    ISADotNet.Viz (0.4.0-preview.1)
      Cyjs.NET (>= 0.0.4)
      FSharp.Core (>= 5.0.1)
      ISADotNet (>= 0.4.0-preview.1)
    ISADotNet.XLSX (0.4.0-preview.1)
      FSharp.Core (>= 5.0.2)
      FSharpSpreadsheetML (>= 0.0.7)
      ISADotNet (>= 0.4.0-preview.1)
    K4os.Compression.LZ4 (1.2.12)
      System.Memory (>= 4.5.4)
      System.Runtime.CompilerServices.Unsafe (>= 5.0)
    K4os.Compression.LZ4.Streams (1.2.12)
      K4os.Compression.LZ4 (>= 1.2.12)
      K4os.Hash.xxHash (>= 1.0.6)
    K4os.Hash.xxHash (1.0.6)
      System.Memory (>= 4.5.3)
    Microsoft.AspNetCore.Authentication.JwtBearer (5.0.8)
      Microsoft.IdentityModel.Protocols.OpenIdConnect (>= 6.7.1)
    Microsoft.CSharp (4.7)
    Microsoft.Extensions.Configuration (5.0)
      Microsoft.Extensions.Configuration.Abstractions (>= 5.0)
      Microsoft.Extensions.Primitives (>= 5.0)
    Microsoft.Extensions.Configuration.Abstractions (5.0)
      Microsoft.Extensions.Primitives (>= 5.0)
    Microsoft.Extensions.Configuration.FileExtensions (5.0)
      Microsoft.Extensions.Configuration (>= 5.0)
      Microsoft.Extensions.Configuration.Abstractions (>= 5.0)
      Microsoft.Extensions.FileProviders.Abstractions (>= 5.0)
      Microsoft.Extensions.FileProviders.Physical (>= 5.0)
      Microsoft.Extensions.Primitives (>= 5.0)
    Microsoft.Extensions.Configuration.Json (5.0)
      Microsoft.Extensions.Configuration (>= 5.0)
      Microsoft.Extensions.Configuration.Abstractions (>= 5.0)
      Microsoft.Extensions.Configuration.FileExtensions (>= 5.0)
      Microsoft.Extensions.FileProviders.Abstractions (>= 5.0)
    Microsoft.Extensions.Configuration.UserSecrets (5.0)
      Microsoft.Extensions.Configuration.Abstractions (>= 5.0)
      Microsoft.Extensions.Configuration.Json (>= 5.0)
      Microsoft.Extensions.FileProviders.Abstractions (>= 5.0)
      Microsoft.Extensions.FileProviders.Physical (>= 5.0)
    Microsoft.Extensions.FileProviders.Abstractions (5.0)
      Microsoft.Extensions.Primitives (>= 5.0)
    Microsoft.Extensions.FileProviders.Physical (5.0)
      Microsoft.Extensions.FileProviders.Abstractions (>= 5.0)
      Microsoft.Extensions.FileSystemGlobbing (>= 5.0)
      Microsoft.Extensions.Primitives (>= 5.0)
    Microsoft.Extensions.FileSystemGlobbing (5.0)
    Microsoft.Extensions.Primitives (5.0.1)
    Microsoft.IdentityModel.JsonWebTokens (6.12)
      Microsoft.IdentityModel.Tokens (>= 6.12)
    Microsoft.IdentityModel.Logging (6.12)
    Microsoft.IdentityModel.Protocols (6.12)
      Microsoft.IdentityModel.Logging (>= 6.12)
      Microsoft.IdentityModel.Tokens (>= 6.12)
    Microsoft.IdentityModel.Protocols.OpenIdConnect (6.12)
      Microsoft.IdentityModel.Protocols (>= 6.12)
      System.IdentityModel.Tokens.Jwt (>= 6.12)
    Microsoft.IdentityModel.Tokens (6.12)
      Microsoft.CSharp (>= 4.5)
      Microsoft.IdentityModel.Logging (>= 6.12)
      System.Security.Cryptography.Cng (>= 4.5)
    Microsoft.IO.RecyclableMemoryStream (2.1.3)
    Microsoft.NETCore.Platforms (5.0.2)
    Microsoft.Win32.SystemEvents (5.0)
      Microsoft.NETCore.Platforms (>= 5.0)
    Mono.Cecil (0.11.4)
    MySql.Data (8.0.21)
      BouncyCastle.NetCore (>= 1.8.3)
      Google.Protobuf (>= 3.6.1)
      K4os.Compression.LZ4 (>= 1.1.11)
      K4os.Compression.LZ4.Streams (>= 1.1.11)
      K4os.Hash.xxHash (>= 1.0.6)
      SSH.NET (>= 2016.1)
      System.Buffers (>= 4.5)
      System.Configuration.ConfigurationManager (>= 4.4.1)
      System.Runtime.CompilerServices.Unsafe (>= 4.6)
      System.Security.Permissions (>= 4.6)
      System.Text.Encoding.CodePages (>= 4.4)
    Newtonsoft.Json (13.0.1)
    Ply (0.3.1)
      FSharp.Core (>= 4.6.2)
      System.Threading.Tasks.Extensions (>= 4.5.4)
    Saturn (0.15)
      FSharp.Control.Websockets (>= 0.2.2)
      FSharp.Core (>= 5.0.1)
      Giraffe (>= 5.0)
      Microsoft.AspNetCore.Authentication.JwtBearer (>= 5.0.7)
    SSH.NET (2020.0.1)
      SshNet.Security.Cryptography (1.3)
    SshNet.Security.Cryptography (1.3)
    System.Buffers (4.5.1)
    System.Configuration.ConfigurationManager (5.0)
      System.Security.Cryptography.ProtectedData (>= 5.0)
      System.Security.Permissions (>= 5.0)
    System.Drawing.Common (5.0.2)
      Microsoft.Win32.SystemEvents (>= 5.0)
    System.Formats.Asn1 (5.0)
    System.IdentityModel.Tokens.Jwt (6.12)
      Microsoft.IdentityModel.JsonWebTokens (>= 6.12)
      Microsoft.IdentityModel.Tokens (>= 6.12)
    System.IO.Packaging (5.0)
    System.Memory (4.5.4)
    System.Reflection.Emit (4.7)
    System.Reflection.Emit.Lightweight (4.7)
    System.Runtime.CompilerServices.Unsafe (5.0)
    System.Security.AccessControl (5.0)
      Microsoft.NETCore.Platforms (>= 5.0)
      System.Security.Principal.Windows (>= 5.0)
    System.Security.Cryptography.Cng (5.0)
      System.Formats.Asn1 (>= 5.0)
    System.Security.Cryptography.ProtectedData (5.0)
    System.Security.Permissions (5.0)
      System.Security.AccessControl (>= 5.0)
      System.Windows.Extensions (>= 5.0)
    System.Security.Principal.Windows (5.0)
    System.Text.Encoding.CodePages (5.0)
      Microsoft.NETCore.Platforms (>= 5.0)
    System.Text.Encodings.Web (5.0.1)
    System.Text.Json (5.0.2)
    System.Threading.Tasks.Extensions (4.5.4)
    System.ValueTuple (4.5)
    System.Windows.Extensions (5.0)
      System.Drawing.Common (>= 5.0)
    Thoth.Elmish.Debouncer (1.0)
      Fable.Core (>= 3.0)
      Fable.Elmish (>= 3.0)
      Fable.Promise (>= 2.0)
      Fable.React (>= 5.1)
      FSharp.Core (>= 4.6.2)
    Thoth.Json (6.0)
      Fable.Core (>= 3.1.6)
      FSharp.Core (>= 4.7.2)
    Utf8Json (1.3.7)
      System.Reflection.Emit (>= 4.3)
      System.Reflection.Emit.Lightweight (>= 4.3)
      System.Threading.Tasks.Extensions (>= 4.4)
      System.ValueTuple (>= 4.4)
